GEM
  remote: https://rubygems.org/
  specs:
    newrelic_rpm (3.17.0.325)
    rack (1.6.4)
    rack-protection (1.5.3)
      rack
    sass (3.4.22)
    sinatra (1.4.7)
      rack (~> 1.5)
      rack-protection (~> 1.4)
      tilt (>= 1.3, < 3)
    tilt (2.0.5)

PLATFORMS
  ruby

DEPENDENCIES
  newrelic_rpm
  sass
  sinatra

BUNDLED WITH
   1.13.5
